PATH
  remote: .
  specs:
    stack_wars (0.1.0)

GEM
  remote: http://rubygems.org/
  specs:
    minitest (2.6.2)

PLATFORMS
  ruby

DEPENDENCIES
  minitest (~> 2.6.1)
  stack_wars!
